PATH
  remote: .
  specs:
    armada (0.0.1)
      docker-api (~> 1.13)
      excon (~> 0.33)
      logger-colors
      trollop

GEM
  remote: https://rubygems.org/
  specs:
    archive-tar-minitar (0.5.2)
    builder (3.2.2)
    coderay (1.1.0)
    diff-lcs (1.2.5)
    docker-api (1.13.2)
      archive-tar-minitar
      excon (>= 0.38.0)
      json
    excon (0.39.4)
    json (1.8.1)
    logger-colors (1.0.0)
    method_source (0.8.2)
    pry (0.10.0)
      coderay (~> 1.1.0)
      method_source (~> 0.8.1)
      slop (~> 3.4)
    rake (10.3.2)
    rspec (2.14.1)
      rspec-core (~> 2.14.0)
      rspec-expectations (~> 2.14.0)
      rspec-mocks (~> 2.14.0)
    rspec-core (2.14.8)
    rspec-expectations (2.14.5)
      diff-lcs (>= 1.1.3, < 2.0)
    rspec-mocks (2.14.6)
    rspec_junit_formatter (0.2.0)
      builder (< 4)
      rspec (>= 2, < 4)
      rspec-core (!= 2.12.0)
    slop (3.6.0)
    thor (0.19.1)
    thor-scmversion (1.4.0)
      thor
    trollop (2.0)

PLATFORMS
  ruby

DEPENDENCIES
  armada!
  bundler
  pry
  rake
  rspec (~> 2.14.0)
  rspec_junit_formatter
  thor-scmversion (< 1.6.0)
